PATH
  remote: .
  specs:
    casteml (1.0.18)
      alchemist (~> 0.1.7)
      medusa_rest_client (~> 0.1)

GEM
  remote: https://rubygems.org/
  remote: http://dream.misasa.okayama-u.ac.jp/rubygems/
  specs:
    activemodel (4.2.7.1)
      activesupport (= 4.2.7.1)
      builder (~> 3.1)
    activeresource (4.0.0)
      activemodel (~> 4.0)
      activesupport (~> 4.0)
      rails-observers (~> 0.1.1)
    activesupport (4.2.7.1)
      i18n (~> 0.7)
      json (~> 1.7, >= 1.7.7)
      minitest (~> 5.1)
      thread_safe (~> 0.3, >= 0.3.4)
      tzinfo (~> 1.1)
    alchemist (0.1.7)
    builder (3.2.2)
    coderay (1.1.1)
    diff-lcs (1.2.5)
    docile (1.1.5)
    faraday (0.9.2)
      multipart-post (>= 1.2, < 3)
    geminabox (0.12.4)
      builder
      faraday
      httpclient (>= 2.2.7)
      nesty
      sinatra (>= 1.2.7)
    gli (2.14.0)
    httpclient (2.8.2.3)
    i18n (0.7.0)
    json (1.8.3)
    medusa_rest_client (0.1.2)
      activeresource (~> 4.0.0)
      gli (~> 2.12)
      pry (~> 0.9)
    method_source (0.8.2)
    minitest (5.9.0)
    multipart-post (2.0.0)
    nesty (1.0.2)
    pry (0.10.4)
      coderay (~> 1.1.0)
      method_source (~> 0.8.1)
      slop (~> 3.4)
    rack (1.6.4)
    rack-protection (1.5.3)
      rack
    rails-observers (0.1.2)
      activemodel (~> 4.0)
    rake (10.1.1)
    rspec (3.0.0)
      rspec-core (~> 3.0.0)
      rspec-expectations (~> 3.0.0)
      rspec-mocks (~> 3.0.0)
    rspec-core (3.0.4)
      rspec-support (~> 3.0.0)
    rspec-expectations (3.0.4)
      diff-lcs (>= 1.2.0, < 2.0)
      rspec-support (~> 3.0.0)
    rspec-mocks (3.0.4)
      rspec-support (~> 3.0.0)
    rspec-support (3.0.4)
    rspec_junit_formatter (0.2.3)
      builder (< 4)
      rspec-core (>= 2, < 4, != 2.12.0)
    simplecov (0.12.0)
      docile (~> 1.1.0)
      json (>= 1.8, < 3)
      simplecov-html (~> 0.10.0)
    simplecov-html (0.10.0)
    simplecov-rcov (0.2.3)
      simplecov (>= 0.4.1)
    sinatra (1.4.7)
      rack (~> 1.5)
      rack-protection (~> 1.4)
      tilt (>= 1.3, < 3)
    slop (3.6.0)
    thread_safe (0.3.5)
    tilt (2.0.5)
    tzinfo (1.2.2)
      thread_safe (~> 0.1)

PLATFORMS
  ruby

DEPENDENCIES
  bundler (~> 1.5)
  casteml!
  geminabox (~> 0.12.4)
  rake (~> 10.1.0)
  rspec (~> 3.0.0)
  rspec_junit_formatter (~> 0.2.0)
  simplecov-rcov (~> 0.2.3)

BUNDLED WITH
   1.10.6
